GEM
  remote: http://rubygems.org/
  specs:
    ffi (1.0.9)
    haml (3.1.2)
    rb-inotify (0.8.5)
      ffi (>= 0.5.0)
    sass (3.1.4)

PLATFORMS
  ruby

DEPENDENCIES
  haml
  rb-inotify
  sass
